PATH
  remote: /home/luis/sandbox/ruby/rtanque/RTanque_core
  specs:
    rtanque_core (0.2.0)
      configuration (~> 1.3.2)
      faye-websocket (~> 0.10.7)
      octokit (~> 2.7.0)
      thin (~> 1.7.2)
      thor (~> 0.17.0)

GEM
  remote: https://rubygems.org/
  specs:
    addressable (2.3.8)
    awesome_print (1.8.0)
    configuration (1.3.4)
    daemons (1.2.4)
    eventmachine (1.2.3)
    faraday (0.9.2)
      multipart-post (>= 1.2, < 3)
    faye-websocket (0.10.7)
      eventmachine (>= 0.12.0)
      websocket-driver (>= 0.5.1)
    multipart-post (2.0.0)
    mustermann (1.0.1)
    octokit (2.7.2)
      sawyer (~> 0.5.2)
    rack (2.0.3)
    rack-protection (2.0.0)
      rack
    sawyer (0.5.5)
      addressable (~> 2.3.5)
      faraday (~> 0.8, < 0.10)
    sinatra (2.0.0)
      mustermann (~> 1.0)
      rack (~> 2.0)
      rack-protection (= 2.0.0)
      tilt (~> 2.0)
    thin (1.7.2)
      daemons (~> 1.0, >= 1.0.9)
      eventmachine (~> 1.0, >= 1.0.4)
      rack (>= 1, < 3)
    thor (0.17.0)
    tilt (2.0.8)
    websocket-driver (0.6.5)
      websocket-extensions (>= 0.1.0)
    websocket-extensions (0.1.2)

PLATFORMS
  ruby

DEPENDENCIES
  awesome_print
  rtanque_core!
  sinatra

BUNDLED WITH
   1.15.4
